GIT
  remote: https://github.com/channainfo/nuntium-api-ruby
  revision: 2a88506f25fe1836dcf532739dfb8fe53561ad57
  branch: encode_uri
  specs:
    nuntium_api (0.21)
      json
      rest-client

GEM
  remote: https://rubygems.org/
  specs:
    domain_name (0.5.25)
      unf (>= 0.0.5, < 1.0.0)
    http-cookie (1.0.2)
      domain_name (~> 0.5)
    json (1.8.3)
    mime-types (2.6.2)
    netrc (0.11.0)
    rest-client (1.8.0)
      http-cookie (>= 1.0.2, < 2.0)
      mime-types (>= 1.16, < 3.0)
      netrc (~> 0.7)
    unf (0.1.4)
      unf_ext
    unf_ext (0.0.7.1)

PLATFORMS
  ruby

DEPENDENCIES
  nuntium_api!
